GEM
  remote: https://rubygems.org/
  specs:
    debug (1.9.2)
      irb (~> 1.10)
      reline (>= 0.3.8)
    faraday (2.9.2)
      faraday-net_http (>= 2.0, < 3.2)
    faraday-net_http (3.1.0)
      net-http
    io-console (0.7.2)
    irb (1.13.2)
      rdoc (>= 4.0.0)
      reline (>= 0.4.2)
    liquid (5.5.0)
    net-http (0.4.1)
      uri
    psych (5.1.2)
      stringio
    rack (3.1.4)
    rack-cors (2.0.2)
      rack (>= 2.0.0)
    rackup (2.1.0)
      rack (>= 3)
      webrick (~> 1.8)
    rdoc (6.7.0)
      psych (>= 4.0.0)
    reline (0.5.9)
      io-console (~> 0.5)
    roda (3.81.0)
      rack
    stringio (3.1.1)
    uri (0.13.0)
    webrick (1.8.1)

PLATFORMS
  aarch64-linux-musl
  x86_64-linux

DEPENDENCIES
  debug (~> 1.9)
  faraday (~> 2.9)
  liquid (~> 5.5)
  rack-cors (~> 2.0)
  rackup (~> 2.1)
  roda (~> 3.81)

RUBY VERSION
   ruby 3.3.7p123

BUNDLED WITH
   2.4.22
